GEM
  remote: https://rubygems.org/
  specs:
    bson (4.5.0)
    mongo (2.10.2)
      bson (>= 4.4.2, < 5.0.0)
    rake (13.0.0)

PLATFORMS
  ruby

DEPENDENCIES
  mongo (~> 2.10)
  rake

BUNDLED WITH
   2.0.2
