GEM
  remote: https://rubygems.org/
  specs:
    bson (4.5.0)
    coderay (1.1.2)
    method_source (0.9.2)
    mongo (2.10.2)
      bson (>= 4.4.2, < 5.0.0)
    pry (0.12.2)
      coderay (~> 1.1.0)
      method_source (~> 0.9.0)
    rake (13.0.0)

PLATFORMS
  ruby

DEPENDENCIES
  mongo (~> 2.10)
  pry
  rake

BUNDLED WITH
   2.0.2
